PATH
  remote: .
  specs:
    chain_of_command (0.9.3)

GEM
  remote: https://rubygems.org/
  specs:
    minitest (5.11.3)
    rake (12.3.3)

PLATFORMS
  ruby

DEPENDENCIES
  bundler (~> 1.16)
  chain_of_command!
  minitest (~> 5.0)
  rake (~> 12.3.3)

BUNDLED WITH
   1.17.3
