PATH
  remote: .
  specs:
    chain_of_command (0.9.5)

GEM
  remote: https://rubygems.org/
  specs:
    minitest (5.14.4)
    rake (13.0.6)

PLATFORMS
  ruby

DEPENDENCIES
  bundler (~> 2)
  chain_of_command!
  minitest (~> 5)
  rake (~> 13)

BUNDLED WITH
   2.1.4
